GEM
  remote: http://rubygems.org/
  specs:
    addressable (2.3.2)
    amq-client (0.8.7)
      amq-protocol (>= 0.8.4)
      eventmachine
    amq-protocol (0.8.4)
    amqp (0.8.4)
      amq-client (~> 0.8.7)
      amq-protocol (~> 0.8.4)
      eventmachine
    dalli (1.1.4)
    em-websocket (0.3.8)
      addressable (>= 2.1.1)
      eventmachine (>= 0.12.9)
    eventmachine (0.12.10)
    faraday (0.8.4)
      multipart-post (~> 1.1)
    json (1.6.3)
    log_wrapper (0.0.1)
    multi_json (1.3.6)
    multipart-post (1.1.5)
    mysql2 (0.3.11)
    simple_oauth (0.1.9)
    twitter (4.0.0)
      faraday (~> 0.8)
      multi_json (~> 1.3)
      simple_oauth (~> 0.1.6)
    tzinfo (0.3.29)

PLATFORMS
  ruby

DEPENDENCIES
  amqp (~> 0.8.4)
  dalli
  em-websocket
  json (~> 1.6.3)
  log_wrapper
  mysql2
  twitter
  tzinfo
